GEM
  remote: https://rubygems.org/
  specs:
    activesupport (4.2.5)
      i18n (~> 0.7)
      json (~> 1.7, >= 1.7.7)
      minitest (~> 5.1)
      thread_safe (~> 0.3, >= 0.3.4)
      tzinfo (~> 1.1)
    aws-sdk (2.1.36)
      aws-sdk-resources (= 2.1.36)
    aws-sdk-core (2.1.36)
      jmespath (~> 1.0)
    aws-sdk-resources (2.1.36)
      aws-sdk-core (= 2.1.36)
    diff-lcs (1.2.5)
    git (1.2.9.1)
    http_router (0.5.4)
      rack (>= 1.0.0)
      url_mount (~> 0.2.1)
    i18n (0.7.0)
    jmespath (1.1.3)
    json (1.8.3)
    mail (2.6.3)
      mime-types (>= 1.16, < 3)
    mime-types (2.99)
    minitest (5.8.3)
    padrino (0.9.21)
      padrino-admin (= 0.9.21)
      padrino-cache (= 0.9.21)
      padrino-core (= 0.9.21)
      padrino-gen (= 0.9.21)
      padrino-helpers (= 0.9.21)
      padrino-mailer (= 0.9.21)
    padrino-admin (0.9.21)
      padrino-core (= 0.9.21)
      padrino-helpers (= 0.9.21)
    padrino-cache (0.9.21)
      padrino-core (= 0.9.21)
    padrino-core (0.9.21)
      activesupport (>= 3.0.0)
      http_router (~> 0.5.4)
      sinatra (>= 1.1.0)
      thor (>= 0.14.3)
      tzinfo
    padrino-gen (0.9.21)
      bundler (>= 1.0.2)
      git
      padrino-core (= 0.9.21)
    padrino-helpers (0.9.21)
      i18n (>= 0.4.1)
      padrino-core (= 0.9.21)
    padrino-mailer (0.9.21)
      mail (>= 2.2.0)
      padrino-core (= 0.9.21)
    rack (1.6.4)
    rack-protection (1.5.3)
      rack
    rspec (3.4.0)
      rspec-core (~> 3.4.0)
      rspec-expectations (~> 3.4.0)
      rspec-mocks (~> 3.4.0)
    rspec-core (3.4.1)
      rspec-support (~> 3.4.0)
    rspec-expectations (3.4.0)
      diff-lcs (>= 1.2.0, < 2.0)
      rspec-support (~> 3.4.0)
    rspec-mocks (3.4.0)
      diff-lcs (>= 1.2.0, < 2.0)
      rspec-support (~> 3.4.0)
    rspec-support (3.4.1)
    sinatra (1.4.6)
      rack (~> 1.4)
      rack-protection (~> 1.4)
      tilt (>= 1.3, < 3)
    slim (3.0.6)
      temple (~> 0.7.3)
      tilt (>= 1.3.3, < 2.1)
    temple (0.7.6)
    thor (0.19.1)
    thread_safe (0.3.5)
    tilt (2.0.1)
    tzinfo (1.2.2)
      thread_safe (~> 0.1)
    url_mount (0.2.1)
      rack

PLATFORMS
  ruby

DEPENDENCIES
  aws-sdk
  padrino
  rspec
  sinatra
  slim

BUNDLED WITH
   1.10.6
